GIT
  remote: https://github.com/travis-ci/dpl.git
  revision: 8a159e2d1fe5d047c17df190b92e2029cd0712aa
  specs:
    dpl (2.0.0.beta.2)
      cl (~> 1.0)

GIT
  remote: https://github.com/travis-ci/travis-metrics
  revision: 6dcec59b4e85ef8a0dc10ca07c3a0b39157e9bca
  ref: sf-unfork
  specs:
    travis-metrics (2.0.0)
      metriks-librato_metrics (~> 1.0)

PATH
  remote: .
  specs:
    travis-yml (1.0.0)
      amatch (~> 0.4.0)
      faraday
      faraday_middleware
      memoyze (~> 0.0.1)
      oj (~> 3.7.10)
      regstry (~> 1.0.2)
      ruby-obj (~> 1.0.0)
      sh_vars (~> 1.0.0)
      travis-conditions (~> 1.0.5)

GEM
  remote: https://rubygems.org/
  specs:
    addressable (2.6.0)
      public_suffix (>= 2.0.2, < 4.0)
    amatch (0.4.0)
      mize
      tins (~> 1.0)
    atomic (1.1.101)
    avl_tree (1.2.1)
      atomic (~> 1.1)
    backports (3.15.0)
    cl (1.2.4)
      regstry (~> 1.0.3)
    crack (0.4.3)
      safe_yaml (~> 1.0.0)
    diff-lcs (1.3)
    faraday (0.15.4)
      multipart-post (>= 1.2, < 3)
    faraday_middleware (0.14.0)
      faraday (>= 0.7.4, < 1.0)
    hashdiff (1.0.0)
    hashr (2.0.1)
    hitimes (1.3.1)
    json-schema (2.8.1)
      addressable (>= 2.4)
    memoyze (0.0.1)
    metriks (0.9.9.8)
      atomic (~> 1.0)
      avl_tree (~> 1.2.0)
      hitimes (~> 1.1)
    metriks-librato_metrics (1.0.6)
      metriks (>= 0.9.9.6)
    mize (0.4.0)
      protocol (~> 2.0)
    multi_json (1.14.1)
    multipart-post (2.1.1)
    mustermann (1.1.1)
      ruby2_keywords (~> 0.0.1)
    nio4r (2.5.2)
    oj (3.7.12)
    parslet (1.8.2)
    protocol (2.0.0)
      ruby_parser (~> 3.0)
    public_suffix (3.0.3)
    puma (4.3.5)
      nio4r (~> 2.0)
    rack (2.2.3)
    rack-cors (1.1.1)
      rack (>= 2.0.0)
    rack-protection (2.0.8.1)
      rack
    rack-ssl-enforcer (0.2.9)
    rack-test (1.1.0)
      rack (>= 1.0, < 3)
    rake (13.0.1)
    redcarpet (3.5.1)
    regstry (1.0.15)
    rspec (3.8.0)
      rspec-core (~> 3.8.0)
      rspec-expectations (~> 3.8.0)
      rspec-mocks (~> 3.8.0)
    rspec-core (3.8.0)
      rspec-support (~> 3.8.0)
    rspec-expectations (3.8.3)
      diff-lcs (>= 1.2.0, < 2.0)
      rspec-support (~> 3.8.0)
    rspec-mocks (3.8.0)
      diff-lcs (>= 1.2.0, < 2.0)
      rspec-support (~> 3.8.0)
    rspec-support (3.8.0)
    ruby-obj (1.0.0)
    ruby2_keywords (0.0.2)
    ruby_parser (3.14.2)
      sexp_processor (~> 4.9)
    safe_yaml (1.0.5)
    sentry-raven (2.9.0)
      faraday (>= 0.7.6, < 1.0)
    sexp_processor (4.14.1)
    sh_vars (1.0.2)
    sinatra (2.0.8.1)
      mustermann (~> 1.0)
      rack (~> 2.0)
      rack-protection (= 2.0.8.1)
      tilt (~> 2.0)
    sinatra-contrib (2.0.8.1)
      backports (>= 2.8.2)
      multi_json
      mustermann (~> 1.0)
      rack-protection (= 2.0.8.1)
      sinatra (= 2.0.8.1)
      tilt (~> 2.0)
    sync (0.5.0)
    tilt (2.0.10)
    tins (1.24.1)
      sync
    travis-conditions (1.0.13)
      parslet (~> 1.8.2)
      sh_vars (~> 1.0.2)
    travis-config (1.1.3)
      hashr (~> 2.0)
    webmock (3.8.1)
      addressable (>= 2.3.6)
      crack (>= 0.3.2)
      hashdiff (>= 0.4.0, < 2.0.0)

PLATFORMS
  ruby

DEPENDENCIES
  dpl!
  json-schema
  puma (~> 4.3.5)
  rack-cors
  rack-ssl-enforcer (~> 0.2.9)
  rack-test
  rake
  redcarpet
  rspec
  sentry-raven (~> 2.9.0)
  sinatra
  sinatra-contrib
  travis-config (~> 1.1.3)
  travis-metrics!
  travis-yml!
  webmock

RUBY VERSION
   ruby 2.6.6p146

BUNDLED WITH
   2.0.1
